GEM
  remote: https://rubygems.org/
  specs:
    coderay (1.1.3)
    dotenv (2.8.1)
    method_source (1.0.0)
    minitest (5.16.3)
    net-sftp (3.0.0)
      net-ssh (>= 5.0.0, < 7.0.0)
    net-ssh (6.1.0)
    pry (0.14.1)
      coderay (~> 1.1)
      method_source (~> 1.0)
    rake (13.0.6)
    tty-cursor (0.7.1)
    tty-spinner (0.9.3)
      tty-cursor (~> 0.7)

PLATFORMS
  x86_64-linux

DEPENDENCIES
  dotenv (~> 2.8, >= 2.8.1)
  minitest
  net-sftp (~> 3.0)
  pry (~> 0.14.1)
  rake
  tty-spinner (~> 0.9.3)

BUNDLED WITH
   2.3.20
